GIT
  remote: git://github.com/roots/capistrano-grunt.git
  revision: ae24c443dc8076dfa7d16f721d3f5b7ed8e194f8
  specs:
    capistrano-grunt (0.0.4)
      capistrano (>= 3.0.0.pre)

GEM
  remote: https://rubygems.org/
  specs:
    capistrano (3.4.1)
      i18n
      rake (>= 10.0.0)
      sshkit (~> 1.3)
    capistrano-composer (0.0.6)
      capistrano (>= 3.0.0.pre)
    capistrano-file-permissions (0.1.1)
      capistrano (~> 3.1)
    capistrano-npm (1.0.2)
      capistrano (>= 3.0.0)
    capistrano-symfony (0.4.0)
      capistrano (~> 3.1)
      capistrano-composer (~> 0.0.3)
      capistrano-file-permissions (~> 0.1.0)
    i18n (0.7.0)
    net-scp (1.2.1)
      net-ssh (>= 2.6.5)
    net-ssh (3.1.1)
    rake (11.1.2)
    sshkit (1.9.0)
      net-scp (>= 1.1.2)
      net-ssh (>= 2.8.0)

PLATFORMS
  x64-mingw32

DEPENDENCIES
  capistrano (~> 3.4, >= 3.4.1)
  capistrano-grunt!
  capistrano-npm
  capistrano-symfony (~> 0.4.0)

BUNDLED WITH
   1.11.2
